GEM
  remote: http://rubygems.org/
  specs:
    activesupport (3.2.8)
      i18n (~> 0.6)
      multi_json (~> 1.0)
    faraday (0.8.4)
      multipart-post (~> 1.1)
    i18n (0.6.0)
    multi_json (1.3.6)
    multipart-post (1.1.5)
    simple_oauth (0.1.9)
    twitter (2.1.1)
      activesupport (>= 2.3.9, < 4)
      faraday (~> 0.7)
      multi_json (~> 1.0)
      simple_oauth (~> 0.1)

PLATFORMS
  ruby

DEPENDENCIES
  twitter (~> 2.1.0)
